PATH
  remote: .
  specs:
    moleculer (0.1.0)
      concurrent-ruby (~> 1.1)
      concurrent-ruby-edge (~> 0.4)
      concurrent-ruby-ext (~> 1.1)

GEM
  remote: https://rubygems.org/
  specs:
    concurrent-ruby (1.1.3)
    concurrent-ruby-edge (0.4.1)
      concurrent-ruby (~> 1.1.1)
    concurrent-ruby-ext (1.1.3)
      concurrent-ruby (= 1.1.3)
    diff-lcs (1.3)
    rake (10.5.0)
    redis (4.0.1)
    rspec (3.8.0)
      rspec-core (~> 3.8.0)
      rspec-expectations (~> 3.8.0)
      rspec-mocks (~> 3.8.0)
    rspec-core (3.8.0)
      rspec-support (~> 3.8.0)
    rspec-expectations (3.8.2)
      diff-lcs (>= 1.2.0, < 2.0)
      rspec-support (~> 3.8.0)
    rspec-mocks (3.8.0)
      diff-lcs (>= 1.2.0, < 2.0)
      rspec-support (~> 3.8.0)
    rspec-support (3.8.0)

PLATFORMS
  ruby

DEPENDENCIES
  bundler (~> 1.16)
  moleculer!
  rake (~> 10.0)
  redis (~> 4.0)
  rspec (~> 3.0)

BUNDLED WITH
   1.17.1
