PATH
  remote: .
  specs:
    moleculer (0.1.0)
      awesome_print (~> 1.8)
      concurrent-ruby (~> 1.1)
      concurrent-ruby-ext (~> 1.1)
      ougai (~> 1.7)

GEM
  remote: https://rubygems.org/
  specs:
    awesome_print (1.8.0)
    concurrent-ruby (1.1.5)
    concurrent-ruby-ext (1.1.5)
      concurrent-ruby (= 1.1.5)
    diff-lcs (1.3)
    hiredis (0.6.3)
    oj (3.7.9)
    ougai (1.7.1)
      oj (~> 3.4)
    rake (10.5.0)
    redis (4.0.1)
    rspec (3.8.0)
      rspec-core (~> 3.8.0)
      rspec-expectations (~> 3.8.0)
      rspec-mocks (~> 3.8.0)
    rspec-core (3.8.0)
      rspec-support (~> 3.8.0)
    rspec-expectations (3.8.2)
      diff-lcs (>= 1.2.0, < 2.0)
      rspec-support (~> 3.8.0)
    rspec-mocks (3.8.0)
      diff-lcs (>= 1.2.0, < 2.0)
      rspec-support (~> 3.8.0)
    rspec-support (3.8.0)
    yard (0.9.18)

PLATFORMS
  ruby

DEPENDENCIES
  bundler (~> 1.16)
  hiredis
  moleculer!
  rake (~> 10.0)
  redis (~> 4.0)
  rspec (~> 3.0)
  yard (~> 0.6yarn)

BUNDLED WITH
   1.17.1
