PATH
  remote: .
  specs:
    moleculer (0.1.1)
      awesome_print (~> 1.8)
      concurrent-ruby (~> 1.1)
      ougai (~> 1.7)

GEM
  remote: https://rubygems.org/
  specs:
    awesome_print (1.8.0)
    concurrent-ruby (1.1.5)
    diff-lcs (1.3)
    docile (1.3.1)
    json (2.1.0)
    oj (3.7.12)
    ougai (1.7.1)
      oj (~> 3.4)
    rake (10.5.0)
    redis (4.0.1)
    rspec (3.8.0)
      rspec-core (~> 3.8.0)
      rspec-expectations (~> 3.8.0)
      rspec-mocks (~> 3.8.0)
    rspec-core (3.8.0)
      rspec-support (~> 3.8.0)
    rspec-expectations (3.8.2)
      diff-lcs (>= 1.2.0, < 2.0)
      rspec-support (~> 3.8.0)
    rspec-mocks (3.8.0)
      diff-lcs (>= 1.2.0, < 2.0)
      rspec-support (~> 3.8.0)
    rspec-support (3.8.0)
    simplecov (0.16.1)
      docile (~> 1.1)
      json (>= 1.8, < 3)
      simplecov-html (~> 0.10.0)
    simplecov-html (0.10.2)
    timecop (0.9.1)
    yard (0.9.18)

PLATFORMS
  ruby

DEPENDENCIES
  bundler (~> 1.16)
  moleculer!
  rake (~> 10.0)
  redis (~> 4.0)
  rspec (~> 3.0)
  simplecov (~> 0.16)
  timecop (~> 0.9.1)
  yard (~> 0.9.11)

BUNDLED WITH
   1.17.2
